PATH
  remote: .
  specs:
    active_record_sharding (0.0.1)
      activerecord (>= 4.2)
      activesupport (>= 4.2)
      memoist
      mysql2
      request_store

GEM
  remote: https://rubygems.org/
  specs:
    activemodel (4.2.2)
      activesupport (= 4.2.2)
      builder (~> 3.1)
    activerecord (4.2.2)
      activemodel (= 4.2.2)
      activesupport (= 4.2.2)
      arel (~> 6.0)
    activesupport (4.2.2)
      i18n (~> 0.7)
      json (~> 1.7, >= 1.7.7)
      minitest (~> 5.1)
      thread_safe (~> 0.3, >= 0.3.4)
      tzinfo (~> 1.1)
    arel (6.0.0)
    awesome_print (1.6.1)
    builder (3.2.2)
    coderay (1.1.0)
    diff-lcs (1.2.5)
    i18n (0.7.0)
    json (1.8.3)
    memoist (0.12.0)
    method_source (0.8.2)
    minitest (5.7.0)
    mysql2 (0.3.18)
    parallel (1.6.0)
    pry (0.10.1)
      coderay (~> 1.1.0)
      method_source (~> 0.8.1)
      slop (~> 3.4)
    rake (10.4.2)
    request_store (1.1.0)
    rspec (3.2.0)
      rspec-core (~> 3.2.0)
      rspec-expectations (~> 3.2.0)
      rspec-mocks (~> 3.2.0)
    rspec-core (3.2.3)
      rspec-support (~> 3.2.0)
    rspec-expectations (3.2.1)
      diff-lcs (>= 1.2.0, < 2.0)
      rspec-support (~> 3.2.0)
    rspec-mocks (3.2.1)
      diff-lcs (>= 1.2.0, < 2.0)
      rspec-support (~> 3.2.0)
    rspec-support (3.2.2)
    slop (3.6.0)
    sqlite3 (1.3.10)
    thread_safe (0.3.5)
    tzinfo (1.2.2)
      thread_safe (~> 0.1)

PLATFORMS
  ruby

DEPENDENCIES
  active_record_sharding!
  awesome_print
  bundler (~> 1.5)
  parallel
  pry
  rake
  rspec
  sqlite3
